GIT
  remote: https://github.com/faizalzakaria/release_manager.git
  revision: a52819d32606fa1903eacf71ab5a72450f43784c
  specs:
    release_manager (0.0.1)
      jira-ruby
      json
      octokit
      tty-prompt (~> 0.16.1)

GEM
  remote: https://rubygems.org/
  specs:
    activesupport (5.2.0)
      concurrent-ruby (~> 1.0, >= 1.0.2)
      i18n (>= 0.7, < 2)
      minitest (~> 5.1)
      tzinfo (~> 1.1)
    addressable (2.5.2)
      public_suffix (>= 2.0.2, < 4.0)
    concurrent-ruby (1.0.5)
    equatable (0.5.0)
    faraday (0.15.2)
      multipart-post (>= 1.2, < 3)
    hitimes (1.3.0)
    i18n (1.0.1)
      concurrent-ruby (~> 1.0)
    jira-ruby (1.5.0)
      activesupport
      multipart-post
      oauth (~> 0.5, >= 0.5.0)
    json (2.1.0)
    minitest (5.11.3)
    multipart-post (2.0.0)
    necromancer (0.4.0)
    oauth (0.5.4)
    octokit (4.9.0)
      sawyer (~> 0.8.0, >= 0.5.3)
    pastel (0.7.2)
      equatable (~> 0.5.0)
      tty-color (~> 0.4.0)
    public_suffix (3.0.2)
    sawyer (0.8.1)
      addressable (>= 2.3.5, < 2.6)
      faraday (~> 0.8, < 1.0)
    thread_safe (0.3.6)
    timers (4.1.2)
      hitimes
    tty-color (0.4.3)
    tty-cursor (0.5.0)
    tty-prompt (0.16.1)
      necromancer (~> 0.4.0)
      pastel (~> 0.7.0)
      timers (~> 4.0)
      tty-cursor (~> 0.5.0)
      tty-reader (~> 0.3.0)
    tty-reader (0.3.0)
      tty-cursor (~> 0.5.0)
      tty-screen (~> 0.6.4)
      wisper (~> 2.0.0)
    tty-screen (0.6.5)
    tzinfo (1.2.5)
      thread_safe (~> 0.1)
    wisper (2.0.0)

PLATFORMS
  ruby

DEPENDENCIES
  release_manager!

BUNDLED WITH
   1.16.0
